GEM
  remote: http://rubygems.org/
  specs:
    activesupport (3.2.13)
      i18n (= 0.6.1)
      multi_json (~> 1.0)
    attr_required (0.0.5)
    coderay (1.0.9)
    fb_graph (2.7.5)
      httpclient (>= 2.2.0.2)
      multi_json (>= 1.3)
      rack-oauth2 (>= 0.14.4)
      tzinfo
    flickraw (0.9.6)
    haml (4.0.3)
      tilt
    httpclient (2.3.3)
    i18n (0.6.1)
    method_source (0.8.1)
    mini_magick (3.6.0)
      subexec (~> 0.2.1)
    multi_json (1.7.7)
    pry (0.9.12.2)
      coderay (~> 1.0.5)
      method_source (~> 0.8)
      slop (~> 3.4)
    rack (1.5.2)
    rack-oauth2 (1.0.5)
      activesupport (>= 2.3)
      attr_required (>= 0.0.5)
      httpclient (>= 2.2.0.2)
      multi_json (>= 1.3.6)
      rack (>= 1.1)
    rack-protection (1.5.0)
      rack
    rake (10.1.0)
    sass (3.2.9)
    shotgun (0.9)
      rack (>= 1.0)
    sinatra (1.4.3)
      rack (~> 1.4)
      rack-protection (~> 1.4)
      tilt (~> 1.3, >= 1.3.4)
    slop (3.4.5)
    subexec (0.2.3)
    tilt (1.4.1)
    tzinfo (1.0.1)

PLATFORMS
  ruby

DEPENDENCIES
  fb_graph
  flickraw
  haml
  mini_magick
  pry
  rake
  sass
  shotgun
  sinatra
